GEM
  specs:
    aws-sdk (1.31.3)
      json (~> 1.4)
      nokogiri (>= 1.4.4)
      uuidtools (~> 2.1)
    bundler-unload (1.0.2)
    celluloid (0.15.2)
      timers (~> 1.1.0)
    cmdparse (2.0.5)
    coderay (1.1.0)
    colored (1.2)
    cri (2.4.1)
      colored (>= 1.2)
    executable-hooks (1.3.2)
    ffi (1.9.3)
    formatador (0.2.4)
    guard (2.2.5)
      formatador (>= 0.2.4)
      listen (~> 2.1)
      lumberjack (~> 1.0)
      pry (>= 0.9.12)
      thor (>= 0.18.1)
    guard-nanoc (1.0.2)
      guard (>= 1.8.0)
      nanoc (>= 3.6.3)
    haml (4.0.6)
      tilt
    jsmin (1.0.1)
    json (1.8.1)
    kramdown (1.3.0)
    listen (2.4.1)
      celluloid (>= 0.15.2)
      rb-fsevent (>= 0.9.3)
      rb-inotify (>= 0.9)
    lumberjack (1.0.4)
    method_source (0.8.2)
    mini_portile (0.5.2)
    nanoc (3.7.5)
      cri (~> 2.3)
    nanoc-embed (0.0.2)
      ruby-oembed
    nokogiri (1.6.1)
      mini_portile (~> 0.5.0)
    pry (0.9.12.4)
      coderay (~> 1.0)
      method_source (~> 0.8)
      slop (~> 3.4)
    rb-fsevent (0.9.4)
    rb-inotify (0.9.3)
      ffi (>= 0.5.0)
    redcarpet (3.3.1)
    ruby-oembed (0.8.14)
    rubygems-bundler (1.4.4)
      bundler-unload (>= 1.0.2)
      executable-hooks (>= 1.3.2)
    rvm (1.11.3.9)
    s3sync (2.0.2)
      aws-sdk
      cmdparse
    sass (3.4.14)
    slop (3.4.7)
    table_print (1.5.3)
    thor (0.18.1)
    tilt (2.0.1)
    timers (1.1.0)
    uuidtools (2.1.4)

PLATFORMS
  ruby

DEPENDENCIES
  bundler
  bundler-unload
  guard
  guard-nanoc
  haml
  jsmin
  kramdown
  nanoc
  nanoc-embed
  redcarpet
  rubygems-bundler
  rvm
  s3sync (~> 2.0.2)
  sass
  table_print

BUNDLED WITH
   1.10.3
